{
	"TaskName": "rstate",
	"Manufacturer": "Brain Products",
	"PowerLineFrequency": 50.0,
	"SamplingFrequency": 500.0,
	"SoftwareFilters": "n/a",
	"RecordingDuration": 476.998,
	"RecordingType": "continuous",
	"EEGReference": "Fpz",
	"EEGGround": "n/a",
	"EEGPlacementScheme": "10-20 system",
	"EEGChannelCount": 61,
	"EOGChannelCount": 0,
	"ECGChannelCount": 0,
	"EMGChannelCount": 0,
	"TriggerChannelCount": 0,
	"ManufacturersModelName": "ActiCHamp (Brain Products Gmbh)",
	"SoftwareVersions": "n/a",
	"HardwareFilters": "n/a",
	"TaskDescription": "Passive BCI neuroergonomics dataset with resting state and 3 difficulty levels of MATB-II task (easy, medium, difficult). The MOABB loader provides resting state and MATB conditions only.",
	"Instructions": "n/a",
	"InstitutionName": "ISAE-SUPAERO, Universit\u00e9 de Toulouse",
	"InstitutionAddress": "Toulouse, France",
	"InstitutionalDepartmentName": "Department of Information Processing and Systems",
	"CapManufacturer": "n/a",
	"CapManufacturersModelName": "n/a",
	"SubjectArtefactDescription": "Impedance kept below 25 kOhm",
	"DeviceSerialNumber": "n/a",
	"Description": "EEG recording.",
	"MISCChannelCount": 0
}